PATH
  remote: .
  specs:
    ghp (0.0.5)
      nanoc
      redcarpet
      sass

GEM
  remote: http://rubygems.org/
  specs:
    coderay (1.0.8)
    colored (1.2)
    cri (2.3.0)
      colored (>= 1.2)
    ghp-layouts (0.0.2)
    guard (1.6.1)
      listen (>= 0.6.0)
      lumberjack (>= 1.0.2)
      pry (>= 0.9.10)
      thor (>= 0.14.6)
    listen (0.7.2)
    lumberjack (1.0.2)
    method_source (0.8.1)
    nanoc (3.4.3)
      cri (~> 2.2)
    pry (0.9.11.4)
      coderay (~> 1.0.5)
      method_source (~> 0.8)
      slop (~> 3.4)
    redcarpet (2.2.2)
    sass (3.2.5)
    slop (3.4.3)
    thor (0.17.0)

PLATFORMS
  ruby

DEPENDENCIES
  ghp!
  ghp-layouts
  guard
