GEM
  remote: http://rubygems.org/
  specs:
    colored (1.2)
    cri (2.3.0)
      colored (>= 1.2)
    nanoc (3.4.3)
      cri (~> 2.2)
    redcarpet (2.2.2)
    sass (3.2.5)

PLATFORMS
  ruby

DEPENDENCIES
  nanoc
  redcarpet
  sass
